PATH
  remote: .
  specs:
    poml (0.0.7)
      rexml (~> 3.2)
      ruby-vips (~> 2.1)
      rubyzip (~> 2.3)

GEM
  remote: https://rubygems.org/
  specs:
    ansi (1.5.0)
    builder (3.3.0)
    ffi (1.17.2)
    ffi (1.17.2-arm64-darwin)
    logger (1.7.0)
    minitest (5.25.5)
    minitest-reporters (1.7.1)
      ansi
      builder
      minitest (>= 5.0)
      ruby-progressbar
    rake (13.3.0)
    rexml (3.4.2)
    ruby-progressbar (1.13.0)
    ruby-vips (2.2.5)
      ffi (~> 1.12)
      logger
    rubyzip (2.4.1)

PLATFORMS
  arm64-darwin-21
  ruby

DEPENDENCIES
  minitest
  minitest-reporters
  poml!
  rake

BUNDLED WITH
   2.6.5
